GEM
  remote: http://rubygems.org/
  specs:
    mini_portile2 (2.4.0)
    nokogiri (1.10.8)
      mini_portile2 (~> 2.4.0)
    nokogiri (1.10.8-java)
    rubyXL (3.1.0)
      nokogiri (>= 1.4.4)
      rubyzip (>= 1.0.0)
    rubyzip (1.2.1)

PLATFORMS
  java
  ruby

DEPENDENCIES
  rubyXL (= 3.1.0)

BUNDLED WITH
   1.12.5
