GEM
  remote: http://rubygems.org/
  specs:
    mini_portile2 (2.8.0)
    nokogiri (1.13.9)
      mini_portile2 (~> 2.8.0)
      racc (~> 1.4)
    nokogiri (1.13.9-java)
      racc (~> 1.4)
    racc (1.6.0)
    racc (1.6.0-java)
    rubyXL (3.1.0)
      nokogiri (>= 1.4.4)
      rubyzip (>= 1.0.0)
    rubyzip (1.2.1)

PLATFORMS
  java
  ruby

DEPENDENCIES
  rubyXL (= 3.1.0)

BUNDLED WITH
   1.12.5
